GEM
remote: https://rubygems.org/
specs:
  jekyll (4.2.2)
    jekyll-feed (>= 0.12, < 1.0)
    jekyll-optional-front-matter (>= 0.3.0)
    kramdown (~> 2.3)
    liquid (~> 4.0)
    mercenary (~> 0.3.6)
    pathutil (~> 0.16)
    rouge (~> 3.26)
    safe_yaml (~> 1.0)
  jekyll-feed (0.15.0)
  jekyll-optional-front-matter (0.3.0)
  kramdown (2.3.1)
  liquid (4.0.3)
  mercenary (0.3.6)
  pathutil (0.16.2)
  rouge (3.26.0)
  safe_yaml (1.0.5)

GEM
remote: https://rubygems.org/
specs:
  jekyll (4.2.2)
    jekyll-feed (>= 0.12, < 1.0)
    jekyll-optional-front-matter (>= 0.3.0)
    kramdown (~> 2.3)
    liquid (~> 4.0)
    mercenary (~> 0.3.6)
    pathutil (~> 0.16)
    rouge (~> 3.26)
    safe_yaml (~> 1.0)
  jekyll-feed (0.15.0)
  jekyll-optional-front-matter (0.3.0)
  kramdown (2.3.1)
  liquid (4.0.3)
  mercenary (0.3.6)
  pathutil (0.16.2)
  rouge (3.26.0)
  safe_yaml (1.0.5)

PLATFORMS
  ruby

DEPENDENCIES
  jekyll (~> 4.2.0)

BUNDLED WITH
   2.3.14